GEM
  remote: https://rubygems.org/
  specs:
    minitest (4.7.5)
    rake (10.3.2)

PLATFORMS
  ruby

DEPENDENCIES
  minitest (= 4.7.5)
  rake (= 10.3.2)
